GEM
  remote: http://rubygems.org/
  specs:
    em-hiredis (0.3.1)
      eventmachine (~> 1.0)
      hiredis (~> 0.6.0)
    em-websocket (0.5.1)
      eventmachine (>= 0.12.9)
      http_parser.rb (~> 0.6.0)
    eventmachine (1.2.1)
    hiredis (0.6.1)
    http_parser.rb (0.6.0)
    redis (3.3.3)

PLATFORMS
  ruby

DEPENDENCIES
  em-hiredis
  em-websocket
  eventmachine
  redis

BUNDLED WITH
   1.14.4
